GEM
  remote: https://rubygems.org/
  specs:
    coderay (1.1.2)
    method_source (0.9.2)
    pry (0.12.2)
      coderay (~> 1.1.0)
      method_source (~> 0.9.0)
    rake (12.3.2)
    sunspot_solr (2.3.0)

PLATFORMS
  ruby

DEPENDENCIES
  pry
  rake
  sunspot_solr

BUNDLED WITH
   1.16.0
